GEM
  remote: https://rubygems.org/
  specs:
    coderay (1.1.0)
    concurrent-ruby (1.0.0)
    diffy (2.1.4)
    graphviz (0.1.0)
    hike (1.2.3)
    json-schema-generator (0.0.9)
      jsonpath
    jsonpath (0.5.8)
      multi_json
    logger (1.2.8)
    method_source (0.8.2)
    multi_json (1.12.1)
    neatjson (0.8.3)
    nokogiri (1.5.10)
    opal (0.9.0)
      hike (~> 1.2)
      sourcemap (~> 0.1.0)
      sprockets (~> 3.1)
      tilt (>= 1.4)
    opal-jquery (0.4.1)
      opal (>= 0.7.0, < 0.10.0)
    polyglot (0.3.5)
    pry (0.10.3)
      coderay (~> 1.1.0)
      method_source (~> 0.8.1)
      slop (~> 3.4)
    rack (1.6.4)
    rake (10.4.2)
    redcarpet (2.2.2)
    rubyXL (3.3.23)
      nokogiri (>= 1.4.4)
      rubyzip (>= 1.1.6)
    rubyzip (1.2.1)
    sass (3.4.20)
    slop (3.6.0)
    sourcemap (0.1.1)
    sprockets (3.5.2)
      concurrent-ruby (~> 1.0)
      rack (> 1, < 3)
    tilt (2.0.1)
    treetop (1.6.8)
      polyglot (~> 0.3)
    vector2d (2.1.0)
    wortsammler (1.0.2)
      diffy (~> 2.1.3)
      logger
      nokogiri (= 1.5.10)
      rubyXL
      rubyzip
      treetop
    zip (2.0.2)

PLATFORMS
  ruby
  x86-mingw32

DEPENDENCIES
  bundler
  graphviz
  json-schema-generator
  neatjson
  opal (~> 0.9.0)
  opal-jquery (~> 0.4.0)
  pry
  rake
  redcarpet
  sass
  vector2d (~> 2.1.0)
  wortsammler (~> 1.0.2)
  zip
